GEM
  remote: https://rubygems.org/
  specs:
    minitest (5.4.1)
    rake (10.3.2)
    rmagick (2.13.3)
    slop (3.6.0)

PLATFORMS
  ruby

DEPENDENCIES
  minitest
  rake
  rmagick
  slop
