GEM
  remote: https://rubygems.org/
  specs:
    addressable (2.3.6)
    fastimage (1.6.3)
      addressable (~> 2.3, >= 2.3.5)
    minitest (5.4.1)
    rmagick (2.13.3)

PLATFORMS
  ruby

DEPENDENCIES
  fastimage
  minitest
  rmagick
