GEM
  remote: https://rubygems.org/
  specs:
    minitest (5.4.1)
    rmagick (2.13.3)

PLATFORMS
  ruby

DEPENDENCIES
  minitest
  rmagick
